PATH
  remote: .
  specs:
    calabash-cucumber (0.10.0.pre2)
      CFPropertyList (~> 2.2)
      awesome_print (~> 1.2)
      calabash-common (~> 0)
      cucumber (~> 1.3)
      edn (~> 1.0, >= 1.0.6)
      geocoder (~> 1.1)
      httpclient (~> 2.4)
      json (~> 1.8)
      run_loop (~> 0.2)
      sim_launcher (~> 0.4)
      slowhandcuke (~> 0)

GEM
  remote: http://rubygems.org/
  specs:
    CFPropertyList (2.2.8)
    addressable (2.3.6)
    awesome_print (1.2.0)
    backports (3.6.0)
    builder (3.2.2)
    calabash-common (0.0.1)
      cucumber (~> 1.3.0)
    coderay (1.1.0)
    cucumber (1.3.15)
      builder (>= 2.1.2)
      diff-lcs (>= 1.1.3)
      gherkin (~> 2.12)
      multi_json (>= 1.7.5, < 2.0)
      multi_test (>= 0.1.1)
    diff-lcs (1.2.5)
    edn (1.0.6)
    ethon (0.7.1)
      ffi (>= 1.3.0)
    faraday (0.9.0)
      multipart-post (>= 1.2, < 3)
    faraday_middleware (0.9.1)
      faraday (>= 0.7.4, < 0.10)
    ffi (1.9.3)
    geocoder (1.2.3)
    gh (0.13.2)
      addressable
      backports
      faraday (~> 0.8)
      multi_json (~> 1.0)
      net-http-persistent (>= 2.7)
      net-http-pipeline
    gherkin (2.12.2)
      multi_json (~> 1.3)
    highline (1.6.21)
    httpclient (2.4.0)
    json (1.8.1)
    launchy (2.4.2)
      addressable (~> 2.3)
    method_source (0.8.2)
    multi_json (1.10.1)
    multi_test (0.1.1)
    multipart-post (2.0.0)
    net-http-persistent (2.9.4)
    net-http-pipeline (1.0.1)
    pry (0.9.12.6)
      coderay (~> 1.0)
      method_source (~> 0.8)
      slop (~> 3.4)
    pusher-client (0.6.0)
      json
      websocket (~> 1.0)
    rack (1.5.2)
    rack-protection (1.5.3)
      rack
    rake (10.3.2)
    redcarpet (3.1.2)
    rspec (3.0.0)
      rspec-core (~> 3.0.0)
      rspec-expectations (~> 3.0.0)
      rspec-mocks (~> 3.0.0)
    rspec-core (3.0.2)
      rspec-support (~> 3.0.0)
    rspec-expectations (3.0.2)
      diff-lcs (>= 1.2.0, < 2.0)
      rspec-support (~> 3.0.0)
    rspec-mocks (3.0.2)
      rspec-support (~> 3.0.0)
    rspec-support (3.0.2)
    run_loop (0.2.1)
      json
      thor
    sim_launcher (0.4.11)
      sinatra
    sinatra (1.4.5)
      rack (~> 1.4)
      rack-protection (~> 1.4)
      tilt (~> 1.3, >= 1.3.4)
    slop (3.5.0)
    slowhandcuke (0.0.3)
      cucumber
    thor (0.19.1)
    tilt (1.4.1)
    travis (1.6.15)
      addressable (~> 2.3)
      backports
      faraday (~> 0.9)
      faraday_middleware (~> 0.9, >= 0.9.1)
      gh (~> 0.13)
      highline (~> 1.6)
      launchy (~> 2.1)
      pry (~> 0.9, < 0.10)
      pusher-client (~> 0.4)
      typhoeus (~> 0.6, >= 0.6.8)
    typhoeus (0.6.9)
      ethon (>= 0.7.1)
    websocket (1.1.4)
    yard (0.8.7.4)

PLATFORMS
  ruby

DEPENDENCIES
  bundler (~> 1.6)
  calabash-cucumber!
  rake (~> 10.3)
  redcarpet (~> 3.1)
  rspec (= 3.0)
  travis (~> 1.6)
  yard (~> 0.8)
