PATH
  remote: .
  specs:
    calabash-cucumber (0.10.0.pre1)
      CFPropertyList (~> 2.2)
      awesome_print (~> 1.2)
      bundler (~> 1.6)
      calabash-common (~> 0)
      cucumber (~> 1.3)
      edn (~> 1.0, >= 1.0.6)
      geocoder (~> 1.1)
      httpclient (~> 2.4)
      json (~> 1.8)
      run_loop (~> 0.2)
      sim_launcher (~> 0.4)
      slowhandcuke (~> 0)
      xamarin-test-cloud (~> 0.9, >= 0.9.35)

GEM
  remote: http://rubygems.org/
  specs:
    CFPropertyList (2.2.8)
    awesome_print (1.2.0)
    builder (3.2.2)
    calabash-common (0.0.1)
      cucumber (~> 1.3.0)
    cucumber (1.3.15)
      builder (>= 2.1.2)
      diff-lcs (>= 1.1.3)
      gherkin (~> 2.12)
      multi_json (>= 1.7.5, < 2.0)
      multi_test (>= 0.1.1)
    diff-lcs (1.2.5)
    edn (1.0.6)
    geocoder (1.2.3)
    gherkin (2.12.2)
      multi_json (~> 1.3)
    httpclient (2.4.0)
    json (1.8.1)
    mime-types (1.25.1)
    multi_json (1.10.1)
    multi_test (0.1.1)
    rack (1.5.2)
    rack-protection (1.5.3)
      rack
    rake (10.3.2)
    rdoc (4.1.1)
      json (~> 1.4)
    redcarpet (3.1.2)
    rest-client (1.6.8)
      mime-types (~> 1.16)
      rdoc (>= 2.4.2)
    retriable (1.3.3.1)
    rspec (3.0.0)
      rspec-core (~> 3.0.0)
      rspec-expectations (~> 3.0.0)
      rspec-mocks (~> 3.0.0)
    rspec-core (3.0.2)
      rspec-support (~> 3.0.0)
    rspec-expectations (3.0.2)
      diff-lcs (>= 1.2.0, < 2.0)
      rspec-support (~> 3.0.0)
    rspec-mocks (3.0.2)
      rspec-support (~> 3.0.0)
    rspec-support (3.0.2)
    rubyzip (1.1.6)
    run_loop (0.2.1)
      json
      thor
    sim_launcher (0.4.11)
      sinatra
    sinatra (1.4.5)
      rack (~> 1.4)
      rack-protection (~> 1.4)
      tilt (~> 1.3, >= 1.3.4)
    slowhandcuke (0.0.3)
      cucumber
    thor (0.19.1)
    tilt (1.4.1)
    xamarin-test-cloud (0.9.35)
      bundler (>= 1.3.0, < 2.0)
      json
      mime-types (< 2.0)
      rest-client (~> 1.6.7)
      retriable (~> 1.3.3.1)
      rubyzip (~> 1.1)
      thor (>= 0.18.1)
    yard (0.8.7.4)

PLATFORMS
  ruby

DEPENDENCIES
  calabash-cucumber!
  rake (~> 10.3)
  redcarpet (~> 3.1)
  rspec (= 3.0)
  yard (~> 0.8)
